GIT
  remote: https://github.com/arkbot/perscribo-rubocop.git
  revision: 7b69ecf6ce33978b8917c3955c19f55b57d10e7c
  specs:
    perscribo-rubocop (0.0.1)
      colorize
      perscribo
      rubocop (~> 0.26.1)

GIT
  remote: https://github.com/arkbot/perscribo-rspec.git
  revision: a2d7434de414a55941e770d88ca188c7da4806eb
  specs:
    perscribo-rspec (0.0.1)
      colorize
      perscribo
      rspec (~> 3.1.0)

GIT
  remote: https://github.com/arkbot/perscribo-cucumber.git
  revision: 7212db90f991e8073ed909adf92762e02ef27950
  specs:
    perscribo-cucumber (0.0.1)
      colorize
      cucumber (~> 1.3.17)
      perscribo

GIT
  remote: https://github.com/arkbot/guard-perscribo.git
  revision: 90aa4c48f64a5f788f3d9d48bbc506231eec65e9
  specs:
    guard-perscribo (0.0.1)
      activesupport
      colorize
      guard (~> 2.6.1)
      perscribo

GIT
  remote: https://github.com/arkbot/perscribo.git
  revision: b525a1a0e10cb68cc62d5211cce5e5af2ca5ff11
  specs:
    perscribo (0.0.1)
      activesupport

GIT
  remote: https://github.com/arkbot/intus.git
  revision: 842fd01c813a78d3b8ebc45531707a1b56dcd327
  specs:
    intus (0.0.1)

GEM
  remote: https://rubygems.org/
  specs:
    activesupport (4.1.6)
      i18n (~> 0.6, >= 0.6.9)
      json (~> 1.7, >= 1.7.7)
      minitest (~> 5.1)
      thread_safe (~> 0.1)
      tzinfo (~> 1.1)
    ast (2.0.0)
    astrolabe (1.3.0)
      parser (>= 2.2.0.pre.3, < 3.0)
    builder (3.2.2)
    celluloid (0.16.0)
      timers (~> 4.0.0)
    coderay (1.1.0)
    colorize (0.7.3)
    cucumber (1.3.17)
      builder (>= 2.1.2)
      diff-lcs (>= 1.1.3)
      gherkin (~> 2.12)
      multi_json (>= 1.7.5, < 2.0)
      multi_test (>= 0.1.1)
    diff-lcs (1.2.5)
    ffi (1.9.6)
    formatador (0.2.5)
    gherkin (2.12.2)
      multi_json (~> 1.3)
    guard (2.6.1)
      formatador (>= 0.2.4)
      listen (~> 2.7)
      lumberjack (~> 1.0)
      pry (>= 0.9.12)
      thor (>= 0.18.1)
    guard-cucumber (1.4.1)
      cucumber (>= 1.2.0)
      guard (>= 1.1.0)
    guard-rspec (4.3.1)
      guard (~> 2.1)
      rspec (>= 2.14, < 4.0)
    guard-rubocop (1.1.0)
      guard (~> 2.0)
      rubocop (~> 0.20)
    guard-shell (0.6.1)
      guard (>= 1.1.0)
    hitimes (1.2.2)
    i18n (0.6.11)
    json (1.8.1)
    listen (2.7.11)
      celluloid (>= 0.15.2)
      rb-fsevent (>= 0.9.3)
      rb-inotify (>= 0.9)
    lumberjack (1.0.9)
    method_source (0.8.2)
    minitest (5.4.2)
    multi_json (1.10.1)
    multi_test (0.1.1)
    parser (2.2.0.pre.5)
      ast (>= 1.1, < 3.0)
      slop (~> 3.4, >= 3.4.5)
    powerpack (0.0.9)
    pry (0.10.1)
      coderay (~> 1.1.0)
      method_source (~> 0.8.1)
      slop (~> 3.4)
    rainbow (2.0.0)
    rb-fsevent (0.9.4)
    rb-inotify (0.9.5)
      ffi (>= 0.5.0)
    rspec (3.1.0)
      rspec-core (~> 3.1.0)
      rspec-expectations (~> 3.1.0)
      rspec-mocks (~> 3.1.0)
    rspec-core (3.1.7)
      rspec-support (~> 3.1.0)
    rspec-expectations (3.1.2)
      diff-lcs (>= 1.2.0, < 2.0)
      rspec-support (~> 3.1.0)
    rspec-mocks (3.1.3)
      rspec-support (~> 3.1.0)
    rspec-support (3.1.2)
    rubocop (0.26.1)
      astrolabe (~> 1.3)
      parser (>= 2.2.0.pre.4, < 3.0)
      powerpack (~> 0.0.6)
      rainbow (>= 1.99.1, < 3.0)
      ruby-progressbar (~> 1.4)
    ruby-progressbar (1.6.0)
    slop (3.6.0)
    terminal-notifier-guard (1.5.3)
    thor (0.19.1)
    thread_safe (0.3.4)
    timers (4.0.1)
      hitimes
    tzinfo (1.2.2)
      thread_safe (~> 0.1)

PLATFORMS
  ruby

DEPENDENCIES
  cucumber
  guard
  guard-cucumber
  guard-perscribo!
  guard-rspec
  guard-rubocop
  guard-shell
  intus!
  perscribo!
  perscribo-cucumber!
  perscribo-rspec!
  perscribo-rubocop!
  rspec
  rubocop
  terminal-notifier-guard
